GEM
  remote: http://rubygems.org/
  specs:
    bind-it (0.2.0)
      rjb
    json (1.7.3)
    rjb (1.4.0)
    stanford-core-nlp (0.3.2)
      bind-it
    uuidtools (2.1.2)

PLATFORMS
  ruby

DEPENDENCIES
  json
  stanford-core-nlp
  uuidtools
