GEM
  remote: http://rubygems.org/
  specs:
    aws-sdk (1.5.4)
      httparty (~> 0.7)
      json (~> 1.4)
      nokogiri (>= 1.4.4)
      uuidtools (~> 2.1)
    bind-it (0.2.0)
      rjb
    bson (1.6.4)
    bson_ext (1.6.4)
      bson (~> 1.6.4)
    httparty (0.8.3)
      multi_json (~> 1.0)
      multi_xml
    json (1.7.3)
    mongo (1.6.4)
      bson (~> 1.6.4)
    multi_json (1.3.6)
    multi_xml (0.5.1)
    nokogiri (1.5.4)
    rjb (1.4.0)
    stanford-core-nlp (0.3.2)
      bind-it
    uuidtools (2.1.2)

PLATFORMS
  ruby

DEPENDENCIES
  aws-sdk
  bson_ext
  mongo
  stanford-core-nlp
  uuidtools
