GEM
  remote: http://rubygems.org/
  specs:
    bind-it (0.2.0)
      rjb
    bson (1.6.4)
    bson_ext (1.6.4)
      bson (~> 1.6.4)
    mongo (1.6.4)
      bson (~> 1.6.4)
    rjb (1.4.0)
    stanford-core-nlp (0.3.2)
      bind-it
    uuidtools (2.1.2)

PLATFORMS
  ruby

DEPENDENCIES
  bson_ext
  mongo
  stanford-core-nlp
  uuidtools
